PATH
  remote: .
  specs:
    capistrano-webpacker-precompile (0.1.0)

GEM
  remote: https://rubygems.org/
  specs:
    rake (10.5.0)

PLATFORMS
  ruby

DEPENDENCIES
  bundler (~> 1.16)
  capistrano-webpacker-precompile!
  rake (~> 10.0)

BUNDLED WITH
   1.16.2
